PATH
  remote: .
  specs:
    camertron-rails-assets-codemirror (4.2.0)

GEM
  remote: https://rubygems.org/
  remote: https://rails-assets.org/
  specs:
    rake (10.3.2)

PLATFORMS
  ruby

DEPENDENCIES
  bundler (~> 1.3)
  camertron-rails-assets-codemirror!
  rake
